GEM
  remote: https://rubygems.org/
  specs:
    addressable (2.3.6)
    afm (0.2.2)
    bcrypt (3.1.7)
    bcrypt-ruby (3.1.5)
      bcrypt (>= 3.1.3)
    bigdecimal (1.2.4)
    bundler-unload (1.0.2)
    coderay (1.0.9)
    data_objects (0.10.13)
      addressable (~> 2.1)
    dm-ar-finders (1.2.0)
      dm-core (~> 1.2.0)
    dm-core (1.2.1)
      addressable (~> 2.3)
    dm-do-adapter (1.2.0)
      data_objects (~> 0.10.6)
      dm-core (~> 1.2.0)
    dm-migrations (1.2.0)
      dm-core (~> 1.2.0)
    dm-mysql-adapter (1.2.0)
      dm-do-adapter (~> 1.2.0)
      do_mysql (~> 0.10.6)
    dm-types (1.2.2)
      bcrypt-ruby (~> 3.0)
      dm-core (~> 1.2.0)
      fastercsv (~> 1.5)
      json (~> 1.6)
      multi_json (~> 1.0)
      stringex (~> 1.4)
      uuidtools (~> 2.1)
    do_mysql (0.10.13)
      data_objects (= 0.10.13)
    executable-hooks (1.3.1)
    fastercsv (1.5.5)
    gem-wrappers (1.2.4)
    geocoder (1.1.8)
    htmlentities (4.3.1)
    i18n (0.6.4)
    iconv (1.0.3)
    io-console (0.4.2)
    json (1.8.1)
    method_source (0.8.2)
    minitest (5.0.6)
    multi_json (1.7.7)
    pdfkit (0.5.4)
    pry (0.9.12.2)
      coderay (~> 1.0.5)
      method_source (~> 0.8)
      slop (~> 3.4)
    psych (2.0.3)
    rake (10.3.2)
    rdoc (4.1.0)
    ruby-rc4 (0.1.5)
    rubygems-bundler (1.4.3)
      bundler-unload (>= 1.0.2)
      executable-hooks (>= 1.2.5)
    rvm (1.11.3.9)
    slop (3.4.6)
    stringex (1.5.1)
    test-unit (2.5.5)
    uuidtools (2.1.4)
    wirble (0.1.3)

PLATFORMS
  ruby

DEPENDENCIES
  addressable
  afm
  bcrypt
  bigdecimal
  bundler
  bundler-unload
  coderay
  data_objects
  dm-ar-finders
  dm-core
  dm-do-adapter
  dm-migrations
  dm-mysql-adapter
  dm-types
  do_mysql
  executable-hooks
  fastercsv
  gem-wrappers
  geocoder
  htmlentities
  i18n
  iconv
  io-console
  json
  method_source
  minitest
  multi_json
  pdfkit
  pry
  psych
  rake
  rdoc
  ruby-rc4
  rubygems-bundler
  rvm
  slop
  stringex
  test-unit
  uuidtools
  wirble
